GEM
  remote: https://rubygems.org/
  specs:
    coderay (1.1.3)
    concurrent-ruby (1.1.7)
    faker (2.15.1)
      i18n (>= 1.6, < 2)
    i18n (1.8.6)
      concurrent-ruby (~> 1.0)
    method_source (1.0.0)
    pry (0.13.1)
      coderay (~> 1.1)
      method_source (~> 1.0)
    sequel (5.40.0)
    sqlite3 (1.4.2)

PLATFORMS
  ruby

DEPENDENCIES
  faker
  pry
  sequel
  sqlite3

BUNDLED WITH
   1.17.2
